PATH
  remote: .
  specs:
    error_handler (1.1.0)
      activemodel (>= 5.2.2, < 7)
      browser
      newrelic_rpm (~> 6.2)
      rollbar (~> 3.1)

GEM
  remote: https://rubygems.org/
  specs:
    activemodel (6.1.3.1)
      activesupport (= 6.1.3.1)
    activesupport (6.1.3.1)
      concurrent-ruby (~> 1.0, >= 1.0.2)
      i18n (>= 1.6, < 2)
      minitest (>= 5.1)
      tzinfo (~> 2.0)
      zeitwerk (~> 2.3)
    browser (5.3.1)
    byebug (11.1.3)
    concurrent-ruby (1.1.8)
    diff-lcs (1.4.4)
    i18n (1.8.10)
      concurrent-ruby (~> 1.0)
    minitest (5.14.4)
    newrelic_rpm (6.15.0)
    rake (13.0.3)
    rollbar (3.1.2)
    rspec (3.10.0)
      rspec-core (~> 3.10.0)
      rspec-expectations (~> 3.10.0)
      rspec-mocks (~> 3.10.0)
    rspec-core (3.10.0)
      rspec-support (~> 3.10.0)
    rspec-expectations (3.10.0)
      diff-lcs (>= 1.2.0, < 2.0)
      rspec-support (~> 3.10.0)
    rspec-mocks (3.10.0)
      diff-lcs (>= 1.2.0, < 2.0)
      rspec-support (~> 3.10.0)
    rspec-support (3.10.0)
    tzinfo (2.0.4)
      concurrent-ruby (~> 1.0)
    zeitwerk (2.4.2)

PLATFORMS
  ruby
  x86_64-linux

DEPENDENCIES
  bundler (~> 2.2)
  byebug
  error_handler!
  rake (~> 13.0)
  rspec (~> 3.10.0)

BUNDLED WITH
   2.2.16
