PATH
  remote: ../metrics
  specs:
    metrics (1.0.0)
      request_store (>= 1.4.1, < 1.6.0)

PATH
  remote: ../protos
  specs:
    protos (1.0.0)
      activemodel (>= 5.2.2)
      google-protobuf (~> 3.15.8)

PATH
  remote: .
  specs:
    relay (1.0.0)
      activemodel (>= 5.2.2.1)
      activesupport (>= 5.2.2.1)
      bunny (>= 2.14.3)
      metrics (>= 1.0.0)
      protos (>= 1.0.0)

GEM
  remote: https://rubygems.org/
  specs:
    activemodel (6.1.3)
      activesupport (= 6.1.3)
    activesupport (6.1.3)
      concurrent-ruby (~> 1.0, >= 1.0.2)
      i18n (>= 1.6, < 2)
      minitest (>= 5.1)
      tzinfo (~> 2.0)
      zeitwerk (~> 2.3)
    amq-protocol (2.3.2)
    bunny (2.17.0)
      amq-protocol (~> 2.3, >= 2.3.1)
    concurrent-ruby (1.1.8)
    diff-lcs (1.4.4)
    google-protobuf (3.15.8)
    google-protobuf (3.15.8-universal-darwin)
    google-protobuf (3.15.8-x86_64-linux)
    i18n (1.8.9)
      concurrent-ruby (~> 1.0)
    minitest (5.14.3)
    rack (2.2.3)
    rake (13.0.3)
    request_store (1.5.0)
      rack (>= 1.4)
    rspec (3.10.0)
      rspec-core (~> 3.10.0)
      rspec-expectations (~> 3.10.0)
      rspec-mocks (~> 3.10.0)
    rspec-core (3.10.1)
      rspec-support (~> 3.10.0)
    rspec-expectations (3.10.1)
      diff-lcs (>= 1.2.0, < 2.0)
      rspec-support (~> 3.10.0)
    rspec-mocks (3.10.2)
      diff-lcs (>= 1.2.0, < 2.0)
      rspec-support (~> 3.10.0)
    rspec-support (3.10.2)
    tzinfo (2.0.4)
      concurrent-ruby (~> 1.0)
    zeitwerk (2.4.2)

PLATFORMS
  ruby
  x86_64-darwin-18
  x86_64-linux

DEPENDENCIES
  bundler (~> 2.2)
  metrics!
  protos!
  rake (~> 13.0)
  relay!
  rspec (< 4)

BUNDLED WITH
   2.2.15
