PATH
  remote: .
  specs:
    metrics (1.0.0)
      request_store (>= 1.4.1, < 1.6.0)

GEM
  remote: https://rubygems.org/
  specs:
    byebug (11.1.3)
    minitest (5.14.4)
    rack (2.2.3)
    rake (13.0.3)
    request_store (1.5.0)
      rack (>= 1.4)

PLATFORMS
  ruby

DEPENDENCIES
  bundler (~> 2.2)
  byebug (~> 11.1.3)
  metrics!
  minitest (~> 5.0)
  rake (~> 13.0)

BUNDLED WITH
   2.2.15
